GIT
  remote: git://github.com/pauldix/feedzirra.git
  revision: 71721ddaeba18383ae283600b6a2eb8a717d7b58
  ref: 71721ddaeba18383ae283600b6a2eb8a717d7b58
  specs:
    feedzirra (0.2.0.rc2)
      curb (~> 0.8.0)
      loofah (~> 1.2.1)
      nokogiri (~> 1.5.3)
      sax-machine (~> 0.2.0.rc1)

GEM
  remote: https://rubygems.org/
  specs:
    action_args (1.0.4)
    actionmailer (4.0.0.rc1)
      actionpack (= 4.0.0.rc1)
      mail (~> 2.5.3)
    actionpack (4.0.0.rc1)
      activesupport (= 4.0.0.rc1)
      builder (~> 3.1.0)
      erubis (~> 2.7.0)
      rack (~> 1.5.2)
      rack-test (~> 0.6.2)
    activemodel (4.0.0.rc1)
      activesupport (= 4.0.0.rc1)
      builder (~> 3.1.0)
    activerecord (4.0.0.rc1)
      activemodel (= 4.0.0.rc1)
      activerecord-deprecated_finders (~> 1.0.2)
      activesupport (= 4.0.0.rc1)
      arel (~> 4.0.0)
    activerecord-deprecated_finders (1.0.2)
    activesupport (4.0.0.rc1)
      i18n (~> 0.6, >= 0.6.4)
      minitest (~> 4.2)
      multi_json (~> 1.3)
      thread_safe (~> 0.1)
      tzinfo (~> 0.3.37)
    addressable (2.3.4)
    annotate (2.5.0)
      rake
    arel (4.0.0)
    atomic (1.1.9)
    awesome_print (1.1.0)
    bootstrap-sass (2.3.1.0)
      sass (~> 3.2)
    builder (3.1.4)
    bullet (4.6.0)
      uniform_notifier
    code_analyzer (0.3.1)
      sexp_processor
    coderay (1.0.9)
    coffee-rails (4.0.0)
      coffee-script (>= 2.2.0)
      railties (>= 4.0.0.beta, < 5.0)
    coffee-script (2.2.0)
      coffee-script-source
      execjs
    coffee-script-source (1.6.2)
    colored (1.2)
    commands (0.2.1)
      rails (>= 3.2.0)
    crack (0.3.2)
    curb (0.8.3)
    database_cleaner (1.0.1)
    diff-lcs (1.2.4)
    enumerated_attribute (0.2.16)
      meta_programming (>= 0.2.1)
    erubis (2.7.0)
    execjs (1.4.0)
      multi_json (~> 1.0)
    fabrication (2.7.0)
    faraday (0.8.7)
      multipart-post (~> 1.1)
    ffaker (1.16.1)
    ffi (1.8.1)
    formatador (0.2.4)
    growl (1.0.3)
    guard (1.8.0)
      formatador (>= 0.2.4)
      listen (>= 1.0.0)
      lumberjack (>= 1.0.2)
      pry (>= 0.9.10)
      thor (>= 0.14.6)
    guard-bundler (1.0.0)
      bundler (~> 1.0)
      guard (~> 1.1)
    guard-pow (1.0.0)
      guard (>= 1.1)
    guard-rspec (3.0.0)
      guard (>= 1.8)
      rspec (~> 2.13)
    haml (4.0.2)
      tilt
    haml-rails (0.4)
      actionpack (>= 3.1, < 4.1)
      activesupport (>= 3.1, < 4.1)
      haml (>= 3.1, < 4.1)
      railties (>= 3.1, < 4.1)
    hashie (2.0.5)
    hike (1.2.2)
    hirb (0.7.1)
    hirb-unicode (0.0.5)
      hirb (~> 0.5)
      unicode-display_width (~> 0.1.1)
    httparty (0.11.0)
      multi_json (~> 1.0)
      multi_xml (>= 0.5.2)
    httpauth (0.2.0)
    i18n (0.6.4)
    jbuilder (1.0.2)
      activesupport (>= 3.0.0)
    jquery-rails (2.2.1)
      railties (>= 3.0, < 5.0)
      thor (>= 0.14, < 2.0)
    jwt (0.1.8)
      multi_json (>= 1.5)
    listen (1.1.2)
      rb-fsevent (>= 0.9.3)
      rb-inotify (>= 0.9)
      rb-kqueue (>= 0.2)
    loofah (1.2.1)
      nokogiri (>= 1.4.4)
    lumberjack (1.0.3)
    macaddr (1.6.1)
      systemu (~> 2.5.0)
    mail (2.5.4)
      mime-types (~> 1.16)
      treetop (~> 1.4.8)
    meta_programming (0.2.2)
    method_source (0.8.1)
    mime-types (1.23)
    minitest (4.7.4)
    multi_json (1.7.3)
    multi_xml (0.5.3)
    multipart-post (1.2.0)
    mysql2 (0.3.11)
    nokogiri (1.5.9)
    oauth2 (0.8.1)
      faraday (~> 0.8)
      httpauth (~> 0.1)
      jwt (~> 0.1.4)
      multi_json (~> 1.0)
      rack (~> 1.2)
    omniauth (1.1.4)
      hashie (>= 1.2, < 3)
      rack
    omniauth-github (1.1.0)
      omniauth (~> 1.0)
      omniauth-oauth2 (~> 1.1)
    omniauth-oauth2 (1.1.1)
      oauth2 (~> 0.8.0)
      omniauth (~> 1.0)
    pit (0.0.7)
    polyglot (0.3.3)
    pry (0.9.12.2)
      coderay (~> 1.0.5)
      method_source (~> 0.8)
      slop (~> 3.4)
    pry-doc (0.4.6)
      pry (>= 0.9)
      yard (>= 0.8)
    pry-nav (0.2.3)
      pry (~> 0.9.10)
    pry-rails (0.3.0)
      pry (>= 0.9.10)
    pry-remote (0.1.7)
      pry (~> 0.9)
      slop (~> 3.0)
    rack (1.5.2)
    rack-maintenance (1.0.0)
      rack (>= 1.0)
    rack-test (0.6.2)
      rack (>= 1.0)
    rails (4.0.0.rc1)
      actionmailer (= 4.0.0.rc1)
      actionpack (= 4.0.0.rc1)
      activerecord (= 4.0.0.rc1)
      activesupport (= 4.0.0.rc1)
      bundler (>= 1.3.0, < 2.0)
      railties (= 4.0.0.rc1)
      sprockets-rails (~> 2.0.0.rc4)
    rails_best_practices (1.13.5)
      activesupport
      awesome_print
      code_analyzer
      colored
      erubis
      i18n
      ruby-progressbar
    railties (4.0.0.rc1)
      actionpack (= 4.0.0.rc1)
      activesupport (= 4.0.0.rc1)
      rake (>= 0.8.7)
      thor (>= 0.18.1, < 2.0)
    rake (10.0.4)
    rb-fsevent (0.9.3)
    rb-inotify (0.9.0)
      ffi (>= 0.5.0)
    rb-kqueue (0.2.0)
      ffi (>= 0.5.0)
    rspec (2.13.0)
      rspec-core (~> 2.13.0)
      rspec-expectations (~> 2.13.0)
      rspec-mocks (~> 2.13.0)
    rspec-core (2.13.1)
    rspec-expectations (2.13.0)
      diff-lcs (>= 1.1.3, < 2.0)
    rspec-mocks (2.13.1)
    rspec-rails (2.13.2)
      actionpack (>= 3.0)
      activesupport (>= 3.0)
      railties (>= 3.0)
      rspec-core (~> 2.13.0)
      rspec-expectations (~> 2.13.0)
      rspec-mocks (~> 2.13.0)
    ruby-growl (4.0)
      uuid (~> 2.3, >= 2.3.5)
    ruby-progressbar (1.0.2)
    sass (3.2.9)
    sass-rails (4.0.0.rc1)
      railties (>= 4.0.0.beta, < 5.0)
      sass (>= 3.1.10)
      sprockets-rails (~> 2.0.0.rc0)
      tilt (~> 1.3)
    sax-machine (0.2.0.rc1)
      nokogiri (~> 1.5.2)
    settingslogic (2.0.9)
    sexp_processor (4.2.1)
    slop (3.4.5)
    sprockets (2.9.3)
      hike (~> 1.2)
      multi_json (~> 1.0)
      rack (~> 1.0)
      tilt (~> 1.1, != 1.3.0)
    sprockets-rails (2.0.0.rc4)
      actionpack (>= 3.0)
      activesupport (>= 3.0)
      sprockets (~> 2.8)
    systemu (2.5.2)
    tapp (1.4.0)
      thor
    thor (0.18.1)
    thread_safe (0.1.0)
      atomic
    tilt (1.4.1)
    timecop (0.6.1)
    tinypng (0.0.1)
      httparty
    treetop (1.4.12)
      polyglot
      polyglot (>= 0.3.1)
    turbolinks (1.1.1)
      coffee-rails
    tzinfo (0.3.37)
    uglifier (2.1.1)
      execjs (>= 0.3.0)
      multi_json (~> 1.0, >= 1.0.2)
    unicode-display_width (0.1.1)
    uniform_notifier (1.2.0)
    uuid (2.3.7)
      macaddr (~> 1.0)
    webmock (1.11.0)
      addressable (>= 2.2.7)
      crack (>= 0.3.2)
    yard (0.8.6.1)

PLATFORMS
  ruby

DEPENDENCIES
  action_args
  annotate
  bootstrap-sass (~> 2.3.1.0)
  bullet
  coffee-rails (~> 4.0.0.beta1)
  commands
  database_cleaner
  enumerated_attribute
  fabrication
  feedzirra!
  ffaker
  growl
  guard
  guard-bundler
  guard-pow
  guard-rspec
  haml-rails
  hashie
  hirb
  hirb-unicode
  jbuilder (~> 1.0.1)
  jquery-rails
  mysql2
  omniauth
  omniauth-github
  pit
  pry-doc
  pry-nav
  pry-rails
  pry-remote
  rack-maintenance
  rails (= 4.0.0.rc1)
  rails_best_practices
  rb-fsevent (~> 0.9)
  rspec-rails
  ruby-growl
  sass-rails (~> 4.0.0.beta1)
  settingslogic
  tapp
  timecop
  tinypng
  turbolinks
  uglifier (>= 1.0.3)
  webmock
